GEM
  remote: https://rubygems.org/
  specs:
    kgio (2.11.0)
    rack (2.0.1)
    raindrops (0.18.0)
    unicorn (5.3.0)
      kgio (~> 2.6)
      raindrops (~> 0.7)

PLATFORMS
  ruby

DEPENDENCIES
  rack
  unicorn

RUBY VERSION
   ruby 2.4.1p111

BUNDLED WITH
   1.14.6
