GEM
  remote: https://rubygems.org/
  specs:
    puma (3.8.2)
    rack (2.0.1)

PLATFORMS
  ruby

DEPENDENCIES
  puma
  rack

RUBY VERSION
   ruby 2.4.1p111

BUNDLED WITH
   1.14.6
